GEM
  remote: https://rubygems.org/
  specs:
    artii (2.1.2)
    power_assert (1.1.5)
    rainbow (3.0.0)
    test-unit (3.3.3)
      power_assert

PLATFORMS
  ruby

DEPENDENCIES
  artii (~> 2.1)
  rainbow (~> 3.0)
  test-unit (~> 3.3)

BUNDLED WITH
   2.0.2
