GEM
  remote: https://rubygems.org/
  specs:
    artii (2.1.2)
    figlet (1.1.0)
    rainbow (3.0.0)

PLATFORMS
  ruby

DEPENDENCIES
  artii (~> 2.1)
  figlet (~> 1.1)
  rainbow (~> 3.0)

BUNDLED WITH
   2.0.2
